RESTRICTION: || (== net47) (== netstandard2.0)
NUGET
  remote: https://api.nuget.org/v3/index.json
    FSharp.Core (4.7)

GROUP Build
RESTRICTION: == net47
NUGET
  remote: https://api.nuget.org/v3/index.json
    FAKE (4.38.1)
