FRAMEWORK: NET45
NUGET
  remote: http://api.nuget.org/v3/index.json
    FAKE (4.38.1)
    FSharp.Compiler.Service (6.0.2)
      System.Collections.Immutable (>= 1.2)
      System.Reflection.Metadata (>= 1.4.1-beta-24227-04)
    SourceLink.Fake (1.1)
    System.Collections.Immutable (1.2)
    System.Reflection.Metadata (1.4.1-beta-24227-04)
      System.Collections.Immutable (>= 1.2)
